GEM
  remote: http://rubygems.org/
  specs:
    addressable (2.2.4)
    columnize (0.3.2)
    crack (0.1.8)
    curb (0.7.10)
    diff-lcs (1.1.2)
    git (1.2.5)
    jeweler (1.5.2)
      bundler (~> 1.0.0)
      git (>= 1.2.5)
      rake
    json (1.5.1)
    linecache (0.43)
    nokogiri (1.4.4)
    rake (0.8.7)
    rcov (0.9.9)
    rspec (2.4.0)
      rspec-core (~> 2.4.0)
      rspec-expectations (~> 2.4.0)
      rspec-mocks (~> 2.4.0)
    rspec-core (2.4.0)
    rspec-expectations (2.4.0)
      diff-lcs (~> 1.1.2)
    rspec-mocks (2.4.0)
    ruby-debug (0.10.4)
      columnize (>= 0.1)
      ruby-debug-base (~> 0.10.4.0)
    ruby-debug-base (0.10.4)
      linecache (>= 0.3)
    webmock (1.6.2)
      addressable (>= 2.2.2)
      crack (>= 0.1.7)

PLATFORMS
  ruby

DEPENDENCIES
  bundler (>= 1.0.9)
  curb (= 0.7.10)
  jeweler (>= 1.5.2)
  json (>= 1.4.6)
  nokogiri (>= 1.4.4)
  rcov
  rspec (>= 2.4.0)
  ruby-debug (>= 0.10.4)
  webmock (= 1.6.2)
